GEM
  remote: https://rubygems.org/
  specs:
    amq-protocol (2.3.0)
    bunny (2.14.3)
      amq-protocol (~> 2.3, >= 2.3.0)
    childprocess (1.0.1)
      rake (< 13.0)
    concurrent-ruby (1.1.5)
    json (2.2.0)
    mini_portile2 (2.4.0)
    mustermann (1.0.3)
    nokogiri (1.10.4)
      mini_portile2 (~> 2.4.0)
    passenger (6.0.4)
      rack
      rake (>= 0.8.1)
    rack (2.0.7)
    rack-protection (2.0.7)
      rack
    rake (12.3.3)
    redis (4.1.3)
    rubyzip (1.2.4)
    selenium-webdriver (4.0.0.alpha3)
      childprocess (>= 0.5, < 2.0)
      rubyzip (~> 1.2, >= 1.2.2)
    serverengine (2.0.7)
      sigdump (~> 0.2.2)
    sigdump (0.2.4)
    sinatra (2.0.7)
      mustermann (~> 1.0)
      rack (~> 2.0)
      rack-protection (= 2.0.7)
      tilt (~> 2.0)
    sneakers (2.11.0)
      bunny (~> 2.12)
      concurrent-ruby (~> 1.0)
      rake
      serverengine (~> 2.0.5)
      thor
    thor (0.20.3)
    tilt (2.0.10)

PLATFORMS
  ruby

DEPENDENCIES
  json
  nokogiri
  passenger (>= 6.0.0)
  redis
  selenium-webdriver
  sinatra
  sneakers

RUBY VERSION
   ruby 2.6.4p104

BUNDLED WITH
   1.17.3
